GEM
  remote: http://rubygems.org/
  specs:
    ffi (1.1.4)
    hallon (0.18.0)
      ref (~> 1.0)
      spotify (~> 12.2.0)
    rack (1.4.1)
    rack-protection (1.2.0)
      rack
    ref (1.0.0)
    sinatra (1.3.2)
      rack (~> 1.3, >= 1.3.6)
      rack-protection (~> 1.2)
      tilt (~> 1.3, >= 1.3.3)
    spotify (12.2.0)
      ffi (~> 1.0, >= 1.0.11)
    tilt (1.3.3)

PLATFORMS
  ruby

DEPENDENCIES
  hallon
  sinatra
