GEM
  remote: http://rubygems.org/
  specs:
    backports (2.6.2)
    eventmachine (0.12.10)
    ffi (1.1.4)
    hallon (0.18.0)
      ref (~> 1.0)
      spotify (~> 12.2.0)
    haml (3.1.6)
    rack (1.4.1)
    rack-protection (1.2.0)
      rack
    rack-test (0.6.1)
      rack (>= 1.0)
    ref (1.0.0)
    sinatra (1.3.2)
      rack (~> 1.3, >= 1.3.6)
      rack-protection (~> 1.2)
      tilt (~> 1.3, >= 1.3.3)
    sinatra-contrib (1.3.1)
      backports (>= 2.0)
      eventmachine
      rack-protection
      rack-test
      sinatra (~> 1.3.0)
      tilt (~> 1.3)
    spotify (12.2.0)
      ffi (~> 1.0, >= 1.0.11)
    tilt (1.3.3)

PLATFORMS
  ruby

DEPENDENCIES
  hallon
  haml
  sinatra
  sinatra-contrib
